PATH
  remote: .
  specs:
    image_limit_resize (0.1.0)
      rmagick

GEM
  remote: https://rubygems.org/
  specs:
    minitest (5.11.3)
    rake (10.5.0)
    rmagick (2.16.0)

PLATFORMS
  ruby

DEPENDENCIES
  bundler (~> 1.16)
  image_limit_resize!
  minitest (~> 5.0)
  rake (~> 10.0)

BUNDLED WITH
   1.16.1
